GEM
  remote: https://rubygems.org/
  specs:
    mini_portile2 (2.8.1)
    nokogiri (1.14.3)
      mini_portile2 (~> 2.8.0)
      racc (~> 1.4)
    power_assert (0.4.1)
    racc (1.6.2)
    test-unit (3.2.3)
      power_assert
    yaml (0.2.1)

PLATFORMS
  ruby

DEPENDENCIES
  nokogiri (>= 1.11.0)
  test-unit
  yaml

BUNDLED WITH
   1.17.2
